{
  "Modality": "MR",
  "MagneticFieldStrength": 3,
  "Manufacturer": "Siemens",
  "ManufacturersModelName": "Prisma_fit",
  "InstitutionName": "UCLA_Brain_Mapping_Center",
  "InstitutionalDepartmentName": "Department",
  "InstitutionAddress": "Charles_Young_Dr._South_660_Los_Angeles_AEB6B38863597E_Los_Ange",
  "DeviceSerialNumber": "67040",
  "StationName": "MRC35343",
  "BodyPartExamined": "BRAIN",
  "PatientPosition": "HFS",
  "ProcedureStepDescription": "KNARRGROUP_MDD_HCP020917",
  "SoftwareVersions": "syngo_MR_E11",
  "MRAcquisitionType": "2D",
  "SeriesDescription": "dMRI_dir99_AP_SBRef",
  "ProtocolName": "dMRI_dir99_AP",
  "ScanningSequence": "EP",
  "SequenceVariant": "SK_SS",
  "ScanOptions": "PFP_EXT",
  "SequenceName": "epse2d1_140",
  "ImageType": [
    "ORIGINAL",
    "PRIMARY",
    "M",
    "ND",
    "MOSAIC"
  ],
  "SeriesNumber": 46,
  "AcquisitionTime": "15:01:0.075000",
  "AcquisitionNumber": 1,
  "ImageComments": "Single-band_reference_SENSE1",
  "SliceThickness": 1.5,
  "SpacingBetweenSlices": 1.5,
  "SAR": 0.155835,
  "EchoTime": 0.0892,
  "RepetitionTime": 3.23,
  "FlipAngle": 78,
  "PartialFourier": 0.75,
  "BaseResolution": 140,
  "ShimSetting": [
    3393,
    -2464,
    103,
    479,
    -23,
    -70,
    -129,
    29
  ],
  "TxRefAmp": 236.438,
  "PhaseResolution": 1,
  "ReceiveCoilName": "Head_32",
  "ReceiveCoilActiveElements": "HEA;HEP",
  "PulseSequenceDetails": "%CustomerSeq%_hcp_mbep2d_diff; ve11c/master r/5b0256d+; Dec  9 2016 09:48:43 by eja",
  "ConsistencyInfo": "N4_VE11C_LATEST_20160120",
  "PercentPhaseFOV": 100,
  "EchoTrainLength": 105,
  "PhaseEncodingSteps": 105,
  "AcquisitionMatrixPE": 140,
  "ReconMatrixPE": 140,
  "BandwidthPerPixelPhaseEncode": 10.352,
  "EffectiveEchoSpacing": 0.000689998,
  "DerivedVendorReportedEchoSpacing": 0.000689998,
  "TotalReadoutTime": 0.0959097,
  "PixelBandwidth": 1700,
  "DwellTime": 2.1e-06,
  "PhaseEncodingDirection": "j-",
  "SliceTiming": [
    0,
    0.1375,
    0.2775,
    0.4175,
    0.5575,
    0.6975,
    0.8375,
    0.975,
    1.115,
    1.255,
    1.395,
    1.535,
    1.675,
    1.8125,
    1.9525,
    2.0925,
    2.2325,
    2.3725,
    2.51,
    2.65,
    2.79,
    2.93,
    3.07,
    3.21,
    3.3475,
    3.4875,
    3.6275,
    3.7675,
    3.9075,
    4.0475,
    4.185,
    4.325,
    4.465,
    4.605,
    4.745,
    4.885,
    5.0225,
    5.1625,
    5.3025,
    5.4425,
    5.5825,
    5.72,
    5.86,
    6,
    6.14,
    6.28,
    6.42,
    6.5575,
    6.6975,
    6.8375,
    6.9775,
    7.1175,
    7.2575,
    7.395,
    7.535,
    7.675,
    7.815,
    7.955,
    8.0925,
    8.2325,
    8.3725,
    8.5125,
    8.6525,
    8.7925,
    8.93,
    9.07,
    9.21,
    9.35,
    9.49,
    9.63,
    9.7675,
    9.9075,
    10.0475,
    10.1875,
    10.3275,
    10.465,
    10.605,
    10.745,
    10.885,
    11.025,
    11.165,
    11.3025,
    11.4425,
    11.5825,
    11.7225,
    11.8625,
    12.0025,
    12.14,
    12.28,
    12.42,
    12.56,
    12.7
  ],
  "ImageOrientationPatientDICOM": [
    0.999869,
    -0.00529303,
    0.0152643,
    0.00855114,
    0.974999,
    -0.222043
  ],
  "InPlanePhaseEncodingDirectionDICOM": "COL",
  "ConversionSoftware": "dcm2niix",
  "ConversionSoftwareVersion": "v1.0.20171017 GCC4.4.7"
}