{
  "Modality": "MR",
  "MagneticFieldStrength": 3,
  "Manufacturer": "Siemens",
  "ManufacturersModelName": "Prisma_fit",
  "InstitutionName": "Martinos_Center_Bay_4_Prisma",
  "InstitutionalDepartmentName": "Martinos_Center",
  "InstitutionAddress": "13th_St._149_Charlestown_MA_US_02129",
  "DeviceSerialNumber": "67026",
  "StationName": "BAY4OC",
  "BodyPartExamined": "BRAIN",
  "PatientPosition": "HFS",
  "ProcedureStepDescription": "INVESTIGATORS_Anastasia",
  "SoftwareVersions": "syngo_MR_E11",
  "MRAcquisitionType": "2D",
  "SeriesDescription": "HCP_CMRR_dMRI_dir99_AP",
  "ProtocolName": "HCP_CMRR_dMRI_dir99_AP",
  "ScanningSequence": "EP",
  "SequenceVariant": "SK_SS",
  "ScanOptions": "PFP",
  "SequenceName": "ep_b5#1",
  "ImageType": [
    "ORIGINAL",
    "PRIMARY",
    "DIFFUSION",
    "NONE",
    "MB",
    "ND",
    "MOSAIC"
  ],
  "SeriesNumber": 22,
  "AcquisitionTime": "18:07:25.035000",
  "AcquisitionNumber": 1,
  "ImageComments": "Unaliased_MB4_PE3_LB_SENSE1",
  "SliceThickness": 1.5,
  "SpacingBetweenSlices": 1.5,
  "SAR": 0.121356,
  "EchoTime": 0.0892,
  "RepetitionTime": 3.23,
  "FlipAngle": 78,
  "PartialFourier": 0.75,
  "BaseResolution": 140,
  "ShimSetting": [
    -1221,
    -10524,
    -10097,
    573,
    127,
    -24,
    -143,
    -5
  ],
  "TxRefAmp": 217.36,
  "PhaseResolution": 1,
  "ReceiveCoilName": "HeadNeck_64",
  "ReceiveCoilActiveElements": "HC1-7",
  "PulseSequenceDetails": "%CustomerSeq%_cmrr_mbep2d_diff; ve11c/master r/9d0e300; Mar 27 2017 19:15:08 by eja",
  "ConsistencyInfo": "N4_VE11C_LATEST_20160120",
  "MultibandAccelerationFactor": 4,
  "PercentPhaseFOV": 100,
  "EchoTrainLength": 105,
  "PhaseEncodingSteps": 105,
  "AcquisitionMatrixPE": 140,
  "ReconMatrixPE": 140,
  "BandwidthPerPixelPhaseEncode": 10.352,
  "EffectiveEchoSpacing": 0.000689998,
  "DerivedVendorReportedEchoSpacing": 0.000689998,
  "TotalReadoutTime": 0.0959097,
  "PixelBandwidth": 1700,
  "DwellTime": 2.1e-06,
  "PhaseEncodingDirection": "j-",
  "SliceTiming": [
    0,
    1.675,
    0.14,
    1.815,
    0.28,
    1.955,
    0.42,
    2.095,
    0.5575,
    2.2325,
    0.6975,
    2.3725,
    0.8375,
    2.5125,
    0.9775,
    2.6525,
    1.1175,
    2.7925,
    1.2575,
    2.93,
    1.395,
    3.07,
    1.535,
    0,
    1.675,
    0.14,
    1.815,
    0.28,
    1.955,
    0.42,
    2.095,
    0.5575,
    2.2325,
    0.6975,
    2.3725,
    0.8375,
    2.5125,
    0.9775,
    2.6525,
    1.1175,
    2.7925,
    1.2575,
    2.93,
    1.395,
    3.07,
    1.535,
    0,
    1.675,
    0.14,
    1.815,
    0.28,
    1.955,
    0.42,
    2.095,
    0.5575,
    2.2325,
    0.6975,
    2.3725,
    0.8375,
    2.5125,
    0.9775,
    2.6525,
    1.1175,
    2.7925,
    1.2575,
    2.93,
    1.395,
    3.07,
    1.535,
    0,
    1.675,
    0.14,
    1.815,
    0.28,
    1.955,
    0.42,
    2.095,
    0.5575,
    2.2325,
    0.6975,
    2.3725,
    0.8375,
    2.5125,
    0.9775,
    2.6525,
    1.1175,
    2.7925,
    1.2575,
    2.93,
    1.395,
    3.07,
    1.535
  ],
  "ImageOrientationPatientDICOM": [
    0.999258,
    0.00651592,
    -0.0379686,
    -0.0165699,
    0.962461,
    -0.270915
  ],
  "InPlanePhaseEncodingDirectionDICOM": "COL",
  "ConversionSoftware": "dcm2niix",
  "ConversionSoftwareVersion": "v1.0.20171017 GCC4.4.7"
}