{
  "Modality": "MR",
  "MagneticFieldStrength": 3,
  "Manufacturer": "Siemens",
  "ManufacturersModelName": "Prisma",
  "InstitutionName": "Washington_University",
  "InstitutionalDepartmentName": "Department",
  "InstitutionAddress": "Scott_Avenue_4525_Saint_Louis_St._Louis_US_63110",
  "DeviceSerialNumber": "166038",
  "StationName": "AWP166038",
  "BodyPartExamined": "BRAIN",
  "PatientPosition": "HFS",
  "ProcedureStepDescription": "HCP_PRIVATE_HCP_2017.05.08_saveRaw",
  "SoftwareVersions": "syngo_MR_E11",
  "MRAcquisitionType": "2D",
  "SeriesDescription": "dMRI_dir98_AP",
  "ProtocolName": "dMRI_dir98_AP",
  "ScanningSequence": "EP",
  "SequenceVariant": "SK_SS",
  "ScanOptions": "PFP_EXT",
  "SequenceName": "ep_b5#1",
  "ImageType": [
    "ORIGINAL",
    "PRIMARY",
    "DIFFUSION",
    "NONE",
    "MB",
    "ND",
    "MOSAIC"
  ],
  "SeriesNumber": 18,
  "AcquisitionTime": "16:56:8.205000",
  "AcquisitionNumber": 1,
  "ImageComments": "Unaliased_MB4_PE3_LB_SENSE1",
  "SliceThickness": 1.5,
  "SpacingBetweenSlices": 1.5,
  "SAR": 0.181161,
  "EchoTime": 0.0892,
  "RepetitionTime": 3.23,
  "FlipAngle": 78,
  "PartialFourier": 0.75,
  "BaseResolution": 140,
  "ShimSetting": [
    -2232,
    -2484,
    7820,
    297,
    -71,
    -202,
    -189,
    33
  ],
  "TxRefAmp": 273.227,
  "PhaseResolution": 1,
  "ReceiveCoilName": "Head_32",
  "ReceiveCoilActiveElements": "HEA;HEP",
  "PulseSequenceDetails": "%CustomerSeq%_hcp_mbep2d_diff; ve11c/master r/5b0256d+; Dec  9 2016 09:48:43 by eja",
  "ConsistencyInfo": "N4_VE11C_LATEST_20160120",
  "MultibandAccelerationFactor": 4,
  "PercentPhaseFOV": 100,
  "EchoTrainLength": 105,
  "PhaseEncodingSteps": 105,
  "AcquisitionMatrixPE": 140,
  "ReconMatrixPE": 140,
  "BandwidthPerPixelPhaseEncode": 10.352,
  "EffectiveEchoSpacing": 0.000689998,
  "DerivedVendorReportedEchoSpacing": 0.000689998,
  "TotalReadoutTime": 0.0959097,
  "PixelBandwidth": 1700,
  "DwellTime": 2.1e-06,
  "PhaseEncodingDirection": "j-",
  "SliceTiming": [
    0,
    1.675,
    0.14,
    1.815,
    0.2775,
    1.9525,
    0.4175,
    2.0925,
    0.5575,
    2.2325,
    0.6975,
    2.3725,
    0.8375,
    2.5125,
    0.9775,
    2.65,
    1.115,
    2.79,
    1.255,
    2.93,
    1.395,
    3.07,
    1.535,
    0,
    1.675,
    0.14,
    1.815,
    0.2775,
    1.9525,
    0.4175,
    2.0925,
    0.5575,
    2.2325,
    0.6975,
    2.3725,
    0.8375,
    2.5125,
    0.9775,
    2.65,
    1.115,
    2.79,
    1.255,
    2.93,
    1.395,
    3.07,
    1.535,
    0,
    1.675,
    0.14,
    1.815,
    0.2775,
    1.9525,
    0.4175,
    2.0925,
    0.5575,
    2.2325,
    0.6975,
    2.3725,
    0.8375,
    2.5125,
    0.9775,
    2.65,
    1.115,
    2.79,
    1.255,
    2.93,
    1.395,
    3.07,
    1.535,
    0,
    1.675,
    0.14,
    1.815,
    0.2775,
    1.9525,
    0.4175,
    2.0925,
    0.5575,
    2.2325,
    0.6975,
    2.3725,
    0.8375,
    2.5125,
    0.9775,
    2.65,
    1.115,
    2.79,
    1.255,
    2.93,
    1.395,
    3.07,
    1.535
  ],
  "ImageOrientationPatientDICOM": [
    0.999202,
    0.0277295,
    0.028744,
    -0.0101152,
    0.871929,
    -0.489527
  ],
  "InPlanePhaseEncodingDirectionDICOM": "COL",
  "ConversionSoftware": "dcm2niix",
  "ConversionSoftwareVersion": "v1.0.20171017 GCC4.4.7"
}