{
  "Modality": "MR",
  "MagneticFieldStrength": 3,
  "Manufacturer": "Siemens",
  "ManufacturersModelName": "Prisma",
  "InstitutionName": "CMRR_3T-C",
  "InstitutionalDepartmentName": "Department",
  "InstitutionAddress": "6th_Street_SE_2021_Minneapolis_MN_US_55454",
  "DeviceSerialNumber": "166007",
  "StationName": "TRIOC",
  "BodyPartExamined": "BRAIN",
  "PatientPosition": "HFS",
  "ProcedureStepDescription": "HCP_PRIVATE_HCP_2017.05.08_saveRaw",
  "SoftwareVersions": "syngo_MR_E11",
  "MRAcquisitionType": "2D",
  "SeriesDescription": "dMRI_dir98_PA",
  "ProtocolName": "dMRI_dir98_PA",
  "ScanningSequence": "EP",
  "SequenceVariant": "SK_SS",
  "ScanOptions": "PFP_EXT",
  "SequenceName": "ep_b5#1",
  "ImageType": [
    "ORIGINAL",
    "PRIMARY",
    "DIFFUSION",
    "NONE",
    "MB",
    "ND",
    "MOSAIC"
  ],
  "SeriesNumber": 21,
  "AcquisitionTime": "09:14:40.295000",
  "AcquisitionNumber": 1,
  "ImageComments": "Unaliased_MB4_PE3_LB_SENSE1",
  "SliceThickness": 1.5,
  "SpacingBetweenSlices": 1.5,
  "SAR": 0.148893,
  "EchoTime": 0.0892,
  "RepetitionTime": 3.23,
  "FlipAngle": 78,
  "PartialFourier": 0.75,
  "BaseResolution": 140,
  "ShimSetting": [
    -919,
    -11528,
    -3864,
    429,
    -77,
    21,
    14,
    62
  ],
  "TxRefAmp": 243.324,
  "PhaseResolution": 1,
  "ReceiveCoilName": "Head_32",
  "ReceiveCoilActiveElements": "HEA;HEP",
  "PulseSequenceDetails": "%CustomerSeq%_hcp_mbep2d_diff; ve11c/master r/5b0256d+; Dec  9 2016 09:48:43 by eja",
  "ConsistencyInfo": "N4_VE11C_LATEST_20160120",
  "MultibandAccelerationFactor": 4,
  "PercentPhaseFOV": 100,
  "EchoTrainLength": 105,
  "PhaseEncodingSteps": 105,
  "AcquisitionMatrixPE": 140,
  "ReconMatrixPE": 140,
  "BandwidthPerPixelPhaseEncode": 10.352,
  "EffectiveEchoSpacing": 0.000689998,
  "DerivedVendorReportedEchoSpacing": 0.000689998,
  "TotalReadoutTime": 0.0959097,
  "PixelBandwidth": 1700,
  "DwellTime": 2.1e-06,
  "PhaseEncodingDirection": "j",
  "SliceTiming": [
    0,
    1.675,
    0.1375,
    1.8125,
    0.2775,
    1.9525,
    0.4175,
    2.0925,
    0.5575,
    2.2325,
    0.6975,
    2.3725,
    0.8375,
    2.51,
    0.975,
    2.65,
    1.115,
    2.79,
    1.255,
    2.93,
    1.395,
    3.07,
    1.535,
    0,
    1.675,
    0.1375,
    1.8125,
    0.2775,
    1.9525,
    0.4175,
    2.0925,
    0.5575,
    2.2325,
    0.6975,
    2.3725,
    0.8375,
    2.51,
    0.975,
    2.65,
    1.115,
    2.79,
    1.255,
    2.93,
    1.395,
    3.07,
    1.535,
    0,
    1.675,
    0.1375,
    1.8125,
    0.2775,
    1.9525,
    0.4175,
    2.0925,
    0.5575,
    2.2325,
    0.6975,
    2.3725,
    0.8375,
    2.51,
    0.975,
    2.65,
    1.115,
    2.79,
    1.255,
    2.93,
    1.395,
    3.07,
    1.535,
    0,
    1.675,
    0.1375,
    1.8125,
    0.2775,
    1.9525,
    0.4175,
    2.0925,
    0.5575,
    2.2325,
    0.6975,
    2.3725,
    0.8375,
    2.51,
    0.975,
    2.65,
    1.115,
    2.79,
    1.255,
    2.93,
    1.395,
    3.07,
    1.535
  ],
  "ImageOrientationPatientDICOM": [
    0.994555,
    0.0935057,
    -0.0460052,
    -0.10383,
    0.92682,
    -0.360865
  ],
  "InPlanePhaseEncodingDirectionDICOM": "COL",
  "ConversionSoftware": "dcm2niix",
  "ConversionSoftwareVersion": "v1.0.20171017 GCC4.4.7"
}