{
  "Modality": "MR",
  "MagneticFieldStrength": 3,
  "Manufacturer": "Siemens",
  "ManufacturersModelName": "Prisma_fit",
  "InstitutionName": "Martinos_Center_Bay_4_Prisma",
  "InstitutionalDepartmentName": "Martinos_Center",
  "InstitutionAddress": "13th_St._149_Charlestown_MA_US_02129",
  "DeviceSerialNumber": "67026",
  "StationName": "BAY4OC",
  "BodyPartExamined": "BRAIN",
  "PatientPosition": "HFS",
  "ProcedureStepDescription": "INVESTIGATORS_Salat",
  "SoftwareVersions": "syngo_MR_E11",
  "MRAcquisitionType": "2D",
  "SeriesDescription": "dMRI_dir99_AP",
  "ProtocolName": "dMRI_dir99_AP",
  "ScanningSequence": "EP",
  "SequenceVariant": "SK_SS",
  "ScanOptions": "PFP_EXT",
  "SequenceName": "ep_b5#1",
  "ImageType": [
    "ORIGINAL",
    "PRIMARY",
    "DIFFUSION",
    "NONE",
    "MB",
    "ND",
    "MOSAIC"
  ],
  "SeriesNumber": 24,
  "AcquisitionTime": "14:05:21.345000",
  "AcquisitionNumber": 1,
  "ImageComments": "Unaliased_MB4_PE3_LB_SENSE1",
  "SliceThickness": 1.5,
  "SpacingBetweenSlices": 1.5,
  "SAR": 0.127938,
  "EchoTime": 0.0892,
  "RepetitionTime": 3.23,
  "FlipAngle": 78,
  "PartialFourier": 0.75,
  "BaseResolution": 140,
  "ShimSetting": [
    -1225,
    -10493,
    -10217,
    325,
    68,
    -41,
    -126,
    -5
  ],
  "TxRefAmp": 237.416,
  "PhaseResolution": 1,
  "ReceiveCoilName": "Head_32",
  "ReceiveCoilActiveElements": "HEA;HEP",
  "PulseSequenceDetails": "%CustomerSeq%_hcp_mbep2d_diff; ve11c/master r/5b0256d+; Dec  9 2016 09:48:43 by eja",
  "ConsistencyInfo": "N4_VE11C_LATEST_20160120",
  "MultibandAccelerationFactor": 4,
  "PercentPhaseFOV": 100,
  "EchoTrainLength": 105,
  "PhaseEncodingSteps": 105,
  "AcquisitionMatrixPE": 140,
  "ReconMatrixPE": 140,
  "BandwidthPerPixelPhaseEncode": 10.352,
  "EffectiveEchoSpacing": 0.000689998,
  "DerivedVendorReportedEchoSpacing": 0.000689998,
  "TotalReadoutTime": 0.0959097,
  "PixelBandwidth": 1700,
  "DwellTime": 2.1e-06,
  "PhaseEncodingDirection": "j-",
  "SliceTiming": [
    0,
    1.675,
    0.14,
    1.815,
    0.28,
    1.955,
    0.42,
    2.095,
    0.56,
    2.235,
    0.7,
    2.3725,
    0.8375,
    2.5125,
    0.9775,
    2.6525,
    1.1175,
    2.7925,
    1.2575,
    2.9325,
    1.3975,
    3.0725,
    1.5375,
    0,
    1.675,
    0.14,
    1.815,
    0.28,
    1.955,
    0.42,
    2.095,
    0.56,
    2.235,
    0.7,
    2.3725,
    0.8375,
    2.5125,
    0.9775,
    2.6525,
    1.1175,
    2.7925,
    1.2575,
    2.9325,
    1.3975,
    3.0725,
    1.5375,
    0,
    1.675,
    0.14,
    1.815,
    0.28,
    1.955,
    0.42,
    2.095,
    0.56,
    2.235,
    0.7,
    2.3725,
    0.8375,
    2.5125,
    0.9775,
    2.6525,
    1.1175,
    2.7925,
    1.2575,
    2.9325,
    1.3975,
    3.0725,
    1.5375,
    0,
    1.675,
    0.14,
    1.815,
    0.28,
    1.955,
    0.42,
    2.095,
    0.56,
    2.235,
    0.7,
    2.3725,
    0.8375,
    2.5125,
    0.9775,
    2.6525,
    1.1175,
    2.7925,
    1.2575,
    2.9325,
    1.3975,
    3.0725,
    1.5375
  ],
  "ImageOrientationPatientDICOM": [
    0.993634,
    0.0297581,
    -0.108658,
    -0.0844856,
    0.834856,
    -0.543946
  ],
  "InPlanePhaseEncodingDirectionDICOM": "COL",
  "ConversionSoftware": "dcm2niix",
  "ConversionSoftwareVersion": "v1.0.20171017 GCC4.4.7"
}