{
  "Modality": "MR",
  "MagneticFieldStrength": 3,
  "Manufacturer": "Siemens",
  "ManufacturersModelName": "Prisma_fit",
  "InstitutionName": "Martinos_Center_Bay_4_Prisma_VE11C",
  "InstitutionalDepartmentName": "Martinos_Center",
  "InstitutionAddress": "13th_St._149_Charlestown_MA_US_02129",
  "DeviceSerialNumber": "67026",
  "StationName": "BAY4OC",
  "BodyPartExamined": "BRAIN",
  "PatientPosition": "HFS",
  "ProcedureStepDescription": "INVESTIGATORS_Anastasia",
  "SoftwareVersions": "syngo_MR_E11",
  "MRAcquisitionType": "2D",
  "SeriesDescription": "HCP_CMRR_dMRI_dir99_PA",
  "ProtocolName": "HCP_CMRR_dMRI_dir99_PA",
  "ScanningSequence": "EP",
  "SequenceVariant": "SK_SS",
  "ScanOptions": "PFP",
  "SequenceName": "ep_b5#1",
  "ImageType": [
    "ORIGINAL",
    "PRIMARY",
    "DIFFUSION",
    "NONE",
    "MB",
    "ND",
    "MOSAIC"
  ],
  "SeriesNumber": 25,
  "AcquisitionTime": "15:26:9.597500",
  "AcquisitionNumber": 1,
  "ImageComments": "Unaliased_MB4_PE3_LB_SENSE1",
  "SliceThickness": 1.5,
  "SpacingBetweenSlices": 1.5,
  "SAR": 0.166684,
  "EchoTime": 0.0892,
  "RepetitionTime": 3.23,
  "FlipAngle": 78,
  "PartialFourier": 0.75,
  "BaseResolution": 140,
  "ShimSetting": [
    -1208,
    -10547,
    -10112,
    538,
    178,
    -91,
    41,
    -21
  ],
  "TxRefAmp": 219.71,
  "PhaseResolution": 1,
  "ReceiveCoilName": "HeadNeck_64",
  "ReceiveCoilActiveElements": "HC1-7",
  "PulseSequenceDetails": "%CustomerSeq%_cmrr_mbep2d_diff; ve11c/master r/b8bea8f; Mar  2 2017 17:06:41 by eja",
  "ConsistencyInfo": "N4_VE11C_LATEST_20160120",
  "MultibandAccelerationFactor": 4,
  "PercentPhaseFOV": 100,
  "EchoTrainLength": 105,
  "PhaseEncodingSteps": 105,
  "AcquisitionMatrixPE": 140,
  "ReconMatrixPE": 140,
  "BandwidthPerPixelPhaseEncode": 10.352,
  "EffectiveEchoSpacing": 0.000689998,
  "DerivedVendorReportedEchoSpacing": 0.000689998,
  "TotalReadoutTime": 0.0959097,
  "PixelBandwidth": 1700,
  "DwellTime": 2.1e-06,
  "PhaseEncodingDirection": "j",
  "SliceTiming": [
    0,
    1.675,
    0.14,
    1.8125,
    0.2775,
    1.9525,
    0.4175,
    2.0925,
    0.5575,
    2.2325,
    0.6975,
    2.3725,
    0.8375,
    2.5125,
    0.9775,
    2.65,
    1.115,
    2.79,
    1.255,
    2.93,
    1.395,
    3.07,
    1.535,
    0,
    1.675,
    0.14,
    1.8125,
    0.2775,
    1.9525,
    0.4175,
    2.0925,
    0.5575,
    2.2325,
    0.6975,
    2.3725,
    0.8375,
    2.5125,
    0.9775,
    2.65,
    1.115,
    2.79,
    1.255,
    2.93,
    1.395,
    3.07,
    1.535,
    0,
    1.675,
    0.14,
    1.8125,
    0.2775,
    1.9525,
    0.4175,
    2.0925,
    0.5575,
    2.2325,
    0.6975,
    2.3725,
    0.8375,
    2.5125,
    0.9775,
    2.65,
    1.115,
    2.79,
    1.255,
    2.93,
    1.395,
    3.07,
    1.535,
    0,
    1.675,
    0.14,
    1.8125,
    0.2775,
    1.9525,
    0.4175,
    2.0925,
    0.5575,
    2.2325,
    0.6975,
    2.3725,
    0.8375,
    2.5125,
    0.9775,
    2.65,
    1.115,
    2.79,
    1.255,
    2.93,
    1.395,
    3.07,
    1.535
  ],
  "ImageOrientationPatientDICOM": [
    0.998565,
    0.0232153,
    -0.0482543,
    -0.0327769,
    0.977588,
    -0.207958
  ],
  "InPlanePhaseEncodingDirectionDICOM": "COL",
  "ConversionSoftware": "dcm2niix",
  "ConversionSoftwareVersion": "v1.0.20171017 GCC4.4.7"
}