{
  "Modality": "MR",
  "MagneticFieldStrength": 3,
  "Manufacturer": "Siemens",
  "ManufacturersModelName": "Prisma_fit",
  "InstitutionName": "Martinos_Center_Bay_4_Prisma",
  "InstitutionalDepartmentName": "Martinos_Center",
  "InstitutionAddress": "13th_St._149_Charlestown_MA_US_02129",
  "DeviceSerialNumber": "67026",
  "StationName": "BAY4OC",
  "BodyPartExamined": "BRAIN",
  "PatientPosition": "HFS",
  "ProcedureStepDescription": "INVESTIGATORS_Anastasia",
  "SoftwareVersions": "syngo_MR_E11",
  "MRAcquisitionType": "2D",
  "SeriesDescription": "HCP_CMRR_SpinEchoFieldMap_AP",
  "ProtocolName": "HCP_CMRR_SpinEchoFieldMap_AP",
  "ScanningSequence": "EP",
  "SequenceVariant": "SK",
  "ScanOptions": "FS",
  "SequenceName": "epse2d1_104",
  "ImageType": [
    "ORIGINAL",
    "PRIMARY",
    "M",
    "ND",
    "MOSAIC"
  ],
  "SeriesNumber": 14,
  "AcquisitionTime": "21:09:29.325000",
  "AcquisitionNumber": 1,
  "SliceThickness": 2,
  "SpacingBetweenSlices": 2,
  "SAR": 0.144705,
  "EchoTime": 0.066,
  "RepetitionTime": 8,
  "FlipAngle": 90,
  "PartialFourier": 1,
  "BaseResolution": 104,
  "ShimSetting": [
    -1216,
    -10541,
    -10049,
    700,
    130,
    39,
    -84,
    18
  ],
  "TxRefAmp": 207.928,
  "PhaseResolution": 1,
  "VendorReportedEchoSpacing": 0.00058,
  "ReceiveCoilName": "HeadNeck_64",
  "ReceiveCoilActiveElements": "HC1-7",
  "PulseSequenceDetails": "%CustomerSeq%_cmrr_mbep2d_se",
  "ConsistencyInfo": "N4_VE11C_LATEST_20160120",
  "PercentPhaseFOV": 100,
  "EchoTrainLength": 104,
  "PhaseEncodingSteps": 104,
  "AcquisitionMatrixPE": 104,
  "ReconMatrixPE": 104,
  "BandwidthPerPixelPhaseEncode": 16.578,
  "EffectiveEchoSpacing": 0.000580009,
  "DerivedVendorReportedEchoSpacing": 0.000580009,
  "TotalReadoutTime": 0.0597409,
  "PixelBandwidth": 2290,
  "DwellTime": 2.1e-06,
  "PhaseEncodingDirection": "j-",
  "SliceTiming": [
    3.9875,
    0,
    4.1,
    0.11,
    4.21,
    0.22,
    4.32,
    0.33,
    4.4325,
    0.4425,
    4.5425,
    0.5525,
    4.6525,
    0.6625,
    4.765,
    0.775,
    4.875,
    0.885,
    4.985,
    0.995,
    5.0975,
    1.1075,
    5.2075,
    1.2175,
    5.3175,
    1.3275,
    5.43,
    1.44,
    5.54,
    1.55,
    5.65,
    1.66,
    5.7625,
    1.7725,
    5.8725,
    1.8825,
    5.9825,
    1.9925,
    6.095,
    2.105,
    6.205,
    2.215,
    6.315,
    2.325,
    6.4275,
    2.4375,
    6.5375,
    2.5475,
    6.6475,
    2.6575,
    6.76,
    2.77,
    6.87,
    2.88,
    6.98,
    2.99,
    7.0925,
    3.1025,
    7.2025,
    3.2125,
    7.3125,
    3.3225,
    7.425,
    3.435,
    7.535,
    3.545,
    7.645,
    3.655,
    7.7575,
    3.7675,
    7.8675,
    3.8775
  ],
  "ImageOrientationPatientDICOM": [
    0.996381,
    0.0735753,
    0.0425649,
    -0.0593704,
    0.960762,
    -0.270946
  ],
  "InPlanePhaseEncodingDirectionDICOM": "COL",
  "ConversionSoftware": "dcm2niix",
  "ConversionSoftwareVersion": "v1.0.20171017 GCC4.4.7"
}