{
  "Modality": "MR",
  "MagneticFieldStrength": 3,
  "Manufacturer": "Siemens",
  "ManufacturersModelName": "Prisma_fit",
  "InstitutionName": "Martinos_Center_Bay_4_Prisma",
  "InstitutionalDepartmentName": "Martinos_Center",
  "InstitutionAddress": "13th_St._149_Charlestown_MA_US_02129",
  "DeviceSerialNumber": "67026",
  "StationName": "BAY4OC",
  "BodyPartExamined": "BRAIN",
  "PatientPosition": "HFS",
  "ProcedureStepDescription": "INVESTIGATORS_Anastasia",
  "SoftwareVersions": "syngo_MR_E11",
  "MRAcquisitionType": "2D",
  "SeriesDescription": "HCP_CMRR_dMRI_dir99_PA_SBRef",
  "ProtocolName": "HCP_CMRR_dMRI_dir99_PA",
  "ScanningSequence": "EP",
  "SequenceVariant": "SK_SS",
  "ScanOptions": "PFP",
  "SequenceName": "epse2d1_140",
  "ImageType": [
    "ORIGINAL",
    "PRIMARY",
    "M",
    "ND",
    "MOSAIC"
  ],
  "SeriesNumber": 23,
  "AcquisitionTime": "20:43:31.470000",
  "AcquisitionNumber": 1,
  "ImageComments": "Single-band_reference_SENSE1",
  "SliceThickness": 1.5,
  "SpacingBetweenSlices": 1.5,
  "SAR": 0.161676,
  "EchoTime": 0.0892,
  "RepetitionTime": 3.23,
  "FlipAngle": 78,
  "PartialFourier": 0.75,
  "BaseResolution": 140,
  "ShimSetting": [
    -1216,
    -10537,
    -10110,
    500,
    209,
    -32,
    23,
    -34
  ],
  "TxRefAmp": 208.546,
  "PhaseResolution": 1,
  "ReceiveCoilName": "HeadNeck_64",
  "ReceiveCoilActiveElements": "HC1-7",
  "PulseSequenceDetails": "%CustomerSeq%_cmrr_mbep2d_diff; R016 ve11c/master r/8780670; Nov 27 2017 15:07:03 by eja",
  "ConsistencyInfo": "N4_VE11C_LATEST_20160120",
  "PercentPhaseFOV": 100,
  "EchoTrainLength": 105,
  "PhaseEncodingSteps": 105,
  "AcquisitionMatrixPE": 140,
  "ReconMatrixPE": 140,
  "BandwidthPerPixelPhaseEncode": 10.352,
  "EffectiveEchoSpacing": 0.000689998,
  "DerivedVendorReportedEchoSpacing": 0.000689998,
  "TotalReadoutTime": 0.0959097,
  "PixelBandwidth": 1700,
  "DwellTime": 2.1e-06,
  "PhaseEncodingDirection": "j",
  "SliceTiming": [
    0,
    0.14,
    0.28,
    0.4175,
    0.5575,
    0.6975,
    0.8375,
    0.9775,
    1.1175,
    1.255,
    1.395,
    1.535,
    1.675,
    1.815,
    1.955,
    2.0925,
    2.2325,
    2.3725,
    2.5125,
    2.6525,
    2.79,
    2.93,
    3.07,
    3.21,
    3.35,
    3.49,
    3.6275,
    3.7675,
    3.9075,
    4.0475,
    4.1875,
    4.3275,
    4.465,
    4.605,
    4.745,
    4.885,
    5.025,
    5.1625,
    5.3025,
    5.4425,
    5.5825,
    5.7225,
    5.8625,
    6,
    6.14,
    6.28,
    6.42,
    6.56,
    6.7,
    6.8375,
    6.9775,
    7.1175,
    7.2575,
    7.3975,
    7.535,
    7.675,
    7.815,
    7.955,
    8.095,
    8.235,
    8.3725,
    8.5125,
    8.6525,
    8.7925,
    8.9325,
    9.0725,
    9.21,
    9.35,
    9.49,
    9.63,
    9.77,
    9.9075,
    10.0475,
    10.1875,
    10.3275,
    10.4675,
    10.6075,
    10.745,
    10.885,
    11.025,
    11.165,
    11.305,
    11.445,
    11.5825,
    11.7225,
    11.8625,
    12.0025,
    12.1425,
    12.28,
    12.42,
    12.56,
    12.7
  ],
  "ImageOrientationPatientDICOM": [
    0.999111,
    -0.0130044,
    -0.0401033,
    0.000174425,
    0.952504,
    -0.304526
  ],
  "InPlanePhaseEncodingDirectionDICOM": "COL",
  "ConversionSoftware": "dcm2niix",
  "ConversionSoftwareVersion": "v1.0.20171017 GCC4.4.7"
}