{
  "Modality": "MR",
  "MagneticFieldStrength": 3,
  "Manufacturer": "Siemens",
  "ManufacturersModelName": "Prisma_fit",
  "InstitutionName": "Martinos_Center_Bay_4_Prisma",
  "InstitutionalDepartmentName": "Martinos_Center",
  "InstitutionAddress": "13th_St._149_Charlestown_MA_US_02129",
  "DeviceSerialNumber": "67026",
  "StationName": "BAY4OC",
  "BodyPartExamined": "BRAIN",
  "PatientPosition": "HFS",
  "ProcedureStepDescription": "INVESTIGATORS_Anastasia",
  "SoftwareVersions": "syngo_MR_E11",
  "MRAcquisitionType": "2D",
  "SeriesDescription": "HCP_CMRR_dMRI_dir99_AP_SBRef",
  "ProtocolName": "HCP_CMRR_dMRI_dir99_AP",
  "ScanningSequence": "EP",
  "SequenceVariant": "SK_SS",
  "ScanOptions": "PFP",
  "SequenceName": "epse2d1_140",
  "ImageType": [
    "ORIGINAL",
    "PRIMARY",
    "M",
    "ND",
    "MOSAIC"
  ],
  "SeriesNumber": 21,
  "AcquisitionTime": "15:19:25.952500",
  "AcquisitionNumber": 1,
  "ImageComments": "Single-band_reference_SENSE1",
  "SliceThickness": 1.5,
  "SpacingBetweenSlices": 1.5,
  "SAR": 0.132757,
  "EchoTime": 0.0892,
  "RepetitionTime": 3.23,
  "FlipAngle": 78,
  "PartialFourier": 0.75,
  "BaseResolution": 140,
  "ShimSetting": [
    -1224,
    -10524,
    -10111,
    503,
    151,
    -129,
    -289,
    -28
  ],
  "TxRefAmp": 217.927,
  "PhaseResolution": 1,
  "ReceiveCoilName": "HeadNeck_64",
  "ReceiveCoilActiveElements": "HC1-7",
  "PulseSequenceDetails": "%CustomerSeq%_cmrr_mbep2d_diff; ve11c/master r/9d0e300; Mar 27 2017 19:15:08 by eja",
  "ConsistencyInfo": "N4_VE11C_LATEST_20160120",
  "PercentPhaseFOV": 100,
  "EchoTrainLength": 105,
  "PhaseEncodingSteps": 105,
  "AcquisitionMatrixPE": 140,
  "ReconMatrixPE": 140,
  "BandwidthPerPixelPhaseEncode": 10.352,
  "EffectiveEchoSpacing": 0.000689998,
  "DerivedVendorReportedEchoSpacing": 0.000689998,
  "TotalReadoutTime": 0.0959097,
  "PixelBandwidth": 1700,
  "DwellTime": 2.1e-06,
  "PhaseEncodingDirection": "j-",
  "SliceTiming": [
    0,
    0.14,
    0.2775,
    0.4175,
    0.5575,
    0.6975,
    0.8375,
    0.9775,
    1.115,
    1.255,
    1.395,
    1.535,
    1.675,
    1.8125,
    1.9525,
    2.0925,
    2.2325,
    2.3725,
    2.5125,
    2.65,
    2.79,
    2.93,
    3.07,
    3.21,
    3.35,
    3.4875,
    3.6275,
    3.7675,
    3.9075,
    4.0475,
    4.185,
    4.325,
    4.465,
    4.605,
    4.745,
    4.885,
    5.0225,
    5.1625,
    5.3025,
    5.4425,
    5.5825,
    5.7225,
    5.86,
    6,
    6.14,
    6.28,
    6.42,
    6.56,
    6.6975,
    6.8375,
    6.9775,
    7.1175,
    7.2575,
    7.395,
    7.535,
    7.675,
    7.815,
    7.955,
    8.095,
    8.2325,
    8.3725,
    8.5125,
    8.6525,
    8.7925,
    8.9325,
    9.07,
    9.21,
    9.35,
    9.49,
    9.63,
    9.7675,
    9.9075,
    10.0475,
    10.1875,
    10.3275,
    10.4675,
    10.605,
    10.745,
    10.885,
    11.025,
    11.165,
    11.305,
    11.4425,
    11.5825,
    11.7225,
    11.8625,
    12.0025,
    12.14,
    12.28,
    12.42,
    12.56,
    12.7
  ],
  "ImageOrientationPatientDICOM": [
    0.999953,
    0.00557551,
    -0.00792656,
    -0.00837743,
    0.908503,
    -0.417794
  ],
  "InPlanePhaseEncodingDirectionDICOM": "COL",
  "ConversionSoftware": "dcm2niix",
  "ConversionSoftwareVersion": "v1.0.20171017 GCC4.4.7"
}