{
  "Modality": "MR",
  "MagneticFieldStrength": 3,
  "Manufacturer": "Siemens",
  "ManufacturersModelName": "Prisma_fit",
  "InstitutionName": "UCLA_Brain_Mapping_Center",
  "InstitutionalDepartmentName": "Department",
  "InstitutionAddress": "Charles_Young_Dr._South_660_Los_Angeles_AEB6B38863597E_Los_Ange",
  "DeviceSerialNumber": "67040",
  "StationName": "MRC35343",
  "BodyPartExamined": "BRAIN",
  "PatientPosition": "HFS",
  "ProcedureStepDescription": "KNARRGROUP_MDD_HCP020917",
  "SoftwareVersions": "syngo_MR_E11",
  "MRAcquisitionType": "2D",
  "SeriesDescription": "SpinEchoFieldMap_AP",
  "ProtocolName": "SpinEchoFieldMap_AP",
  "ScanningSequence": "EP",
  "SequenceVariant": "SK",
  "ScanOptions": "FS",
  "SequenceName": "epse2d1_104",
  "ImageType": [
    "ORIGINAL",
    "PRIMARY",
    "M",
    "ND",
    "MOSAIC"
  ],
  "SeriesNumber": 7,
  "AcquisitionTime": "08:19:27.147500",
  "AcquisitionNumber": 1,
  "SliceThickness": 2,
  "SpacingBetweenSlices": 2,
  "SAR": 0.125593,
  "EchoTime": 0.066,
  "RepetitionTime": 8,
  "FlipAngle": 90,
  "PartialFourier": 1,
  "BaseResolution": 104,
  "ShimSetting": [
    3377,
    -2395,
    16,
    410,
    -116,
    68,
    70,
    12
  ],
  "TxRefAmp": 243.11,
  "PhaseResolution": 1,
  "VendorReportedEchoSpacing": 0.00058,
  "ReceiveCoilName": "Head_32",
  "ReceiveCoilActiveElements": "HEA;HEP",
  "PulseSequenceDetails": "%CustomerSeq%_hcp_mbep2d_se",
  "ConsistencyInfo": "N4_VE11C_LATEST_20160120",
  "PercentPhaseFOV": 100,
  "EchoTrainLength": 104,
  "PhaseEncodingSteps": 104,
  "AcquisitionMatrixPE": 104,
  "ReconMatrixPE": 104,
  "BandwidthPerPixelPhaseEncode": 16.578,
  "EffectiveEchoSpacing": 0.000580009,
  "DerivedVendorReportedEchoSpacing": 0.000580009,
  "TotalReadoutTime": 0.0597409,
  "PixelBandwidth": 2290,
  "DwellTime": 2.1e-06,
  "PhaseEncodingDirection": "j-",
  "SliceTiming": [
    3.99,
    0,
    4.1,
    0.1125,
    4.2125,
    0.2225,
    4.3225,
    0.3325,
    4.4325,
    0.445,
    4.545,
    0.555,
    4.655,
    0.665,
    4.765,
    0.7775,
    4.8775,
    0.8875,
    4.9875,
    0.9975,
    5.0975,
    1.11,
    5.21,
    1.22,
    5.32,
    1.33,
    5.43,
    1.4425,
    5.5425,
    1.5525,
    5.6525,
    1.6625,
    5.7625,
    1.775,
    5.875,
    1.885,
    5.985,
    1.995,
    6.095,
    2.1075,
    6.2075,
    2.2175,
    6.3175,
    2.3275,
    6.4275,
    2.44,
    6.54,
    2.55,
    6.65,
    2.66,
    6.76,
    2.7725,
    6.8725,
    2.8825,
    6.9825,
    2.9925,
    7.0925,
    3.105,
    7.205,
    3.215,
    7.315,
    3.325,
    7.425,
    3.4375,
    7.5375,
    3.5475,
    7.6475,
    3.6575,
    7.7575,
    3.77,
    7.87,
    3.88
  ],
  "ImageOrientationPatientDICOM": [
    0.99871,
    0.0452001,
    0.0231336,
    -0.0347011,
    0.940183,
    -0.338899
  ],
  "InPlanePhaseEncodingDirectionDICOM": "COL",
  "ConversionSoftware": "dcm2niix",
  "ConversionSoftwareVersion": "v1.0.20171017 GCC4.4.7"
}