{
  "Modality": "MR",
  "MagneticFieldStrength": 3,
  "Manufacturer": "Siemens",
  "ManufacturersModelName": "Prisma",
  "InstitutionName": "CMRR_3T-C",
  "InstitutionalDepartmentName": "Department",
  "InstitutionAddress": "6th_Street_SE_2021_Minneapolis_MN_US_55454",
  "DeviceSerialNumber": "166007",
  "StationName": "TRIOC",
  "BodyPartExamined": "BRAIN",
  "PatientPosition": "HFS",
  "ProcedureStepDescription": "HCP_PRIVATE_HCP_2017.05.08_saveRaw",
  "SoftwareVersions": "syngo_MR_E11",
  "MRAcquisitionType": "2D",
  "SeriesDescription": "SpinEchoFieldMap_AP",
  "ProtocolName": "SpinEchoFieldMap_AP",
  "ScanningSequence": "EP",
  "SequenceVariant": "SK",
  "ScanOptions": "FS",
  "SequenceName": "epse2d1_104",
  "ImageType": [
    "ORIGINAL",
    "PRIMARY",
    "M",
    "ND",
    "MOSAIC"
  ],
  "SeriesNumber": 18,
  "AcquisitionTime": "09:24:48.360000",
  "AcquisitionNumber": 1,
  "SliceThickness": 2,
  "SpacingBetweenSlices": 2,
  "SAR": 0.125427,
  "EchoTime": 0.066,
  "RepetitionTime": 8,
  "FlipAngle": 90,
  "PartialFourier": 1,
  "BaseResolution": 104,
  "ShimSetting": [
    -901,
    -11519,
    -3907,
    411,
    -148,
    50,
    24,
    10
  ],
  "TxRefAmp": 227.959,
  "PhaseResolution": 1,
  "VendorReportedEchoSpacing": 0.00058,
  "ReceiveCoilName": "Head_32",
  "ReceiveCoilActiveElements": "HEA;HEP",
  "PulseSequenceDetails": "%CustomerSeq%_hcp_mbep2d_se",
  "ConsistencyInfo": "N4_VE11C_LATEST_20160120",
  "PercentPhaseFOV": 100,
  "EchoTrainLength": 104,
  "PhaseEncodingSteps": 104,
  "AcquisitionMatrixPE": 104,
  "ReconMatrixPE": 104,
  "BandwidthPerPixelPhaseEncode": 16.578,
  "EffectiveEchoSpacing": 0.000580009,
  "DerivedVendorReportedEchoSpacing": 0.000580009,
  "TotalReadoutTime": 0.0597409,
  "PixelBandwidth": 2290,
  "DwellTime": 2.1e-06,
  "PhaseEncodingDirection": "j-",
  "SliceTiming": [
    3.99,
    0,
    4.1,
    0.11,
    4.2125,
    0.2225,
    4.3225,
    0.3325,
    4.4325,
    0.4425,
    4.545,
    0.555,
    4.655,
    0.665,
    4.765,
    0.775,
    4.8775,
    0.8875,
    4.9875,
    0.9975,
    5.0975,
    1.1075,
    5.21,
    1.22,
    5.32,
    1.33,
    5.43,
    1.44,
    5.5425,
    1.5525,
    5.6525,
    1.6625,
    5.7625,
    1.7725,
    5.8725,
    1.885,
    5.985,
    1.995,
    6.095,
    2.105,
    6.205,
    2.2175,
    6.3175,
    2.3275,
    6.4275,
    2.4375,
    6.5375,
    2.55,
    6.65,
    2.66,
    6.76,
    2.77,
    6.87,
    2.8825,
    6.9825,
    2.9925,
    7.0925,
    3.1025,
    7.2025,
    3.215,
    7.315,
    3.325,
    7.425,
    3.435,
    7.535,
    3.5475,
    7.6475,
    3.6575,
    7.7575,
    3.7675,
    7.8675,
    3.88
  ],
  "ImageOrientationPatientDICOM": [
    0.998905,
    0.0112798,
    0.0454017,
    -0.000697327,
    0.973979,
    -0.226636
  ],
  "InPlanePhaseEncodingDirectionDICOM": "COL",
  "ConversionSoftware": "dcm2niix",
  "ConversionSoftwareVersion": "v1.0.20171017 GCC4.4.7"
}