{
  "Modality": "MR",
  "MagneticFieldStrength": 3,
  "Manufacturer": "Siemens",
  "ManufacturersModelName": "Prisma_fit",
  "InstitutionName": "UCLA_Brain_Mapping_Center",
  "InstitutionalDepartmentName": "Department",
  "InstitutionAddress": "Charles_Young_Dr._South_660_Los_Angeles_AEB6B38863597E_Los_Ange",
  "DeviceSerialNumber": "67040",
  "StationName": "MRC35343",
  "BodyPartExamined": "BRAIN",
  "PatientPosition": "HFS",
  "ProcedureStepDescription": "KNARRGROUP_MDD_HCP020917",
  "SoftwareVersions": "syngo_MR_E11",
  "MRAcquisitionType": "2D",
  "SeriesDescription": "SpinEchoFieldMap_PA",
  "ProtocolName": "SpinEchoFieldMap_PA",
  "ScanningSequence": "EP",
  "SequenceVariant": "SK",
  "ScanOptions": "FS",
  "SequenceName": "epse2d1_104",
  "ImageType": [
    "ORIGINAL",
    "PRIMARY",
    "M",
    "ND",
    "MOSAIC"
  ],
  "SeriesNumber": 28,
  "AcquisitionTime": "08:24:32.527500",
  "AcquisitionNumber": 1,
  "SliceThickness": 2,
  "SpacingBetweenSlices": 2,
  "SAR": 0.20617,
  "EchoTime": 0.066,
  "RepetitionTime": 8,
  "FlipAngle": 90,
  "PartialFourier": 1,
  "BaseResolution": 104,
  "ShimSetting": [
    3404,
    -2419,
    179,
    487,
    -43,
    -22,
    96,
    40
  ],
  "TxRefAmp": 268.404,
  "PhaseResolution": 1,
  "VendorReportedEchoSpacing": 0.00058,
  "ReceiveCoilName": "Head_32",
  "ReceiveCoilActiveElements": "HEA;HEP",
  "PulseSequenceDetails": "%CustomerSeq%_hcp_mbep2d_se",
  "ConsistencyInfo": "N4_VE11C_LATEST_20160120",
  "PercentPhaseFOV": 100,
  "EchoTrainLength": 104,
  "PhaseEncodingSteps": 104,
  "AcquisitionMatrixPE": 104,
  "ReconMatrixPE": 104,
  "BandwidthPerPixelPhaseEncode": 16.578,
  "EffectiveEchoSpacing": 0.000580009,
  "DerivedVendorReportedEchoSpacing": 0.000580009,
  "TotalReadoutTime": 0.0597409,
  "PixelBandwidth": 2290,
  "DwellTime": 2.1e-06,
  "PhaseEncodingDirection": "j",
  "SliceTiming": [
    3.99,
    0,
    4.1,
    0.11,
    4.21,
    0.22,
    4.3225,
    0.3325,
    4.4325,
    0.4425,
    4.5425,
    0.5525,
    4.655,
    0.665,
    4.765,
    0.775,
    4.875,
    0.885,
    4.9875,
    0.9975,
    5.0975,
    1.1075,
    5.2075,
    1.2175,
    5.32,
    1.33,
    5.43,
    1.44,
    5.54,
    1.55,
    5.6525,
    1.6625,
    5.7625,
    1.7725,
    5.8725,
    1.8825,
    5.985,
    1.995,
    6.095,
    2.105,
    6.205,
    2.215,
    6.3175,
    2.3275,
    6.4275,
    2.4375,
    6.5375,
    2.5475,
    6.65,
    2.66,
    6.76,
    2.77,
    6.87,
    2.88,
    6.9825,
    2.9925,
    7.0925,
    3.1025,
    7.2025,
    3.2125,
    7.3125,
    3.325,
    7.425,
    3.435,
    7.535,
    3.545,
    7.645,
    3.6575,
    7.7575,
    3.7675,
    7.8675,
    3.8775
  ],
  "ImageOrientationPatientDICOM": [
    0.998505,
    -0.0546502,
    -0.000443868,
    0.0530285,
    0.970776,
    -0.234053
  ],
  "InPlanePhaseEncodingDirectionDICOM": "COL",
  "ConversionSoftware": "dcm2niix",
  "ConversionSoftwareVersion": "v1.0.20171017 GCC4.4.7"
}